GEM
  remote: https://rubygems.org/
  specs:
    bubble-wrap (1.7.0)
      bubble-wrap-http (= 1.7.0)
    bubble-wrap-http (1.7.0)
    codependency (2.0.0)
    map-kit-wrapper (0.0.5)
      codependency (= 2.0.0)
      rake
    rake (10.3.2)

PLATFORMS
  ruby

DEPENDENCIES
  bubble-wrap
  map-kit-wrapper
  rake
